GEM
  remote: https://rubygems.org/
  specs:
    coinbase (4.2.3)
    dotenv (3.1.2)

PLATFORMS
  x86_64-darwin-23

DEPENDENCIES
  coinbase
  dotenv

BUNDLED WITH
   2.4.22
